PATH
  remote: .
  specs:
    google_directions (0.1.3)

GEM
  remote: http://rubygems.org/
  specs:
    extlib (0.9.15)
    nokogiri (1.5.0)

PLATFORMS
  ruby

DEPENDENCIES
  extlib (~> 0.9.15)
  google_directions!
  nokogiri (~> 1.5.0)
