PATH
  remote: .
  specs:
    google_directions (0.1.5)
      nokogiri (>= 1.4.1)

GEM
  remote: http://rubygems.org/
  specs:
    mini_portile (0.5.0)
    nokogiri (1.6.0)
      mini_portile (~> 0.5.0)

PLATFORMS
  ruby

DEPENDENCIES
  google_directions!
